GEM
  remote: https://rubygems.org/
  specs:
    colorize (0.8.1)
    mustermann (1.1.1)
      ruby2_keywords (~> 0.0.1)
    net_http_unix (0.2.2)
    nio4r (2.5.8)
    parallel (1.21.0)
    prometheus-client (2.1.0)
    puma (5.5.2)
      nio4r (~> 2.0)
    puma-metrics (1.2.3)
      prometheus-client (>= 0.10)
      puma (>= 3.0)
    puma-status (1.3)
      colorize (~> 0.8)
      net_http_unix (~> 0.2)
      parallel (~> 1)
    rack (2.2.3)
    rack-protection (2.1.0)
      rack
    ruby2_keywords (0.0.4)
    sinatra (2.1.0)
      mustermann (~> 1.0)
      rack (~> 2.2)
      rack-protection (= 2.1.0)
      tilt (~> 2.0)
    tilt (2.0.10)

PLATFORMS
  arm64-darwin-20

DEPENDENCIES
  puma
  puma-metrics
  puma-status
  sinatra

BUNDLED WITH
   2.2.16
